GEM
  remote: http://rubygems.org/
  specs:
    fftw3 (0.3)
      narray
    narray (0.6.0.8)
    ruby-audio (1.6.1)

PLATFORMS
  ruby

DEPENDENCIES
  fftw3
  narray
  ruby-audio
