GEM
  remote: http://rubygems.org/
  specs:
    fftw3 (0.3)
      narray
    gruff (0.3.7)
    narray (0.6.0.8)
    rmagick (2.13.2)
    ruby-audio (1.6.1)

PLATFORMS
  ruby

DEPENDENCIES
  fftw3
  gruff
  narray
  rmagick
  ruby-audio
